PATH
  remote: .
  specs:
    notis (0.0.1)
      methadone (~> 1.3.1)
      terminal-notifier (~> 1.5.1)

GEM
  remote: https://rubygems.org/
  specs:
    aruba (0.5.3)
      childprocess (>= 0.3.6)
      cucumber (>= 1.1.1)
      rspec-expectations (>= 2.7.0)
    builder (3.2.2)
    childprocess (0.3.9)
      ffi (~> 1.0, >= 1.0.11)
    cucumber (1.3.10)
      builder (>= 2.1.2)
      diff-lcs (>= 1.1.3)
      gherkin (~> 2.12)
      multi_json (>= 1.7.5, < 2.0)
      multi_test (>= 0.0.2)
    diff-lcs (1.2.5)
    ffi (1.9.3)
    gherkin (2.12.2)
      multi_json (~> 1.3)
    json (1.8.1)
    methadone (1.3.1)
      bundler
    multi_json (1.8.2)
    multi_test (0.0.2)
    rake (0.9.6)
    rdoc (4.0.1)
      json (~> 1.4)
    rspec-expectations (2.14.4)
      diff-lcs (>= 1.1.3, < 2.0)
    terminal-notifier (1.5.1)

PLATFORMS
  ruby

DEPENDENCIES
  aruba
  bundler
  notis!
  rake (~> 0.9.2)
  rdoc
